GEM
  remote: https://rubygems.org/
  specs:
    excon (0.71.0)

PLATFORMS
  ruby

DEPENDENCIES
  excon

BUNDLED WITH
   2.0.2
